GEM
  remote: https://rubygems.org/
  specs:
    activesupport (3.2.13)
      i18n (= 0.6.1)
      multi_json (~> 1.0)
    awesome_print (1.1.0)
    builder (3.2.2)
    calabash-android (0.4.3)
      awesome_print
      cucumber
      json
      retriable
      rubyzip
      slowhandcuke
    childprocess (0.3.9)
      ffi (~> 1.0, >= 1.0.11)
    colored (1.2)
    cucumber (1.3.4)
      builder (>= 2.1.2)
      diff-lcs (>= 1.1.3)
      gherkin (~> 2.12.0)
      multi_json (~> 1.7.5)
      multi_test (~> 0.0.1)
    diff-lcs (1.2.4)
    dnssd (2.0)
    ffi (1.9.0)
    frank-cucumber (1.1.12)
      cucumber
      dnssd
      i18n
      json
      plist
      rspec (>= 2.0)
      sim_launcher (>= 0.4.6)
      thor
      xcodeproj (>= 0.5.3)
    gherkin (2.12.0)
      multi_json (~> 1.3)
    haml (4.0.3)
      tilt
    i18n (0.6.1)
    json (1.8.0)
    multi_json (1.7.7)
    multi_test (0.0.1)
    mustache (0.99.4)
    parallel (0.7.1)
    parallel_tests (0.15.0)
      parallel
    plist (3.1.0)
    rack (1.5.2)
    rack-protection (1.5.0)
      rack
    rake (10.1.0)
    retriable (1.3.3.1)
    rspec (2.14.1)
      rspec-core (~> 2.14.0)
      rspec-expectations (~> 2.14.0)
      rspec-mocks (~> 2.14.0)
    rspec-core (2.14.3)
    rspec-expectations (2.14.0)
      diff-lcs (>= 1.1.3, < 2.0)
    rspec-mocks (2.14.1)
    rubyzip (0.9.9)
    sass (3.2.9)
    selenium-webdriver (2.33.0)
      childprocess (>= 0.2.5)
      multi_json (~> 1.0)
      rubyzip
      websocket (~> 1.0.4)
    sim_launcher (0.4.6)
      sinatra
    sinatra (1.4.3)
      rack (~> 1.4)
      rack-protection (~> 1.4)
      tilt (~> 1.3, >= 1.3.4)
    slowhandcuke (0.0.3)
      cucumber
    thor (0.18.1)
    tilt (1.4.1)
    watchr (0.7)
    watir-webdriver (0.6.4)
      selenium-webdriver (>= 2.18.0)
    websocket (1.0.7)
    xcodeproj (0.8.1)
      activesupport (~> 3.2.13)
      colored (~> 1.2)
    yui-compressor (0.11.0)

PLATFORMS
  ruby

DEPENDENCIES
  calabash-android (= 0.4.3)
  cucumber
  frank-cucumber
  haml
  mustache
  parallel_tests
  rake
  rubyzip
  sass
  watchr
  watir-webdriver
  yui-compressor
